PATH
  remote: .
  specs:
    vmpooler (2.4.0)
      concurrent-ruby (~> 1.1)
      connection_pool (~> 2.2)
      deep_merge (~> 1.2)
      net-ldap (~> 0.16)
      opentelemetry-exporter-jaeger (= 0.20.1)
      opentelemetry-instrumentation-concurrent_ruby (= 0.19.2)
      opentelemetry-instrumentation-http_client (= 0.19.4)
      opentelemetry-instrumentation-redis (= 0.21.3)
      opentelemetry-instrumentation-sinatra (= 0.19.3)
      opentelemetry-resource_detectors (= 0.19.1)
      opentelemetry-sdk (~> 1.0, >= 1.0.2)
      pickup (~> 0.0.11)
      prometheus-client (~> 2.0)
      puma (~> 5.0, >= 5.0.4)
      rack (~> 2.2)
      rake (~> 13.0)
      redis (~> 4.1)
      sinatra (~> 2.0)
      spicy-proton (~> 2.1)
      statsd-ruby (~> 1.4)

GEM
  remote: https://rubygems.org/
  specs:
    ast (2.4.2)
    bindata (2.4.10)
    builder (3.2.4)
    climate_control (1.2.0)
    coderay (1.1.3)
    concurrent-ruby (1.1.10)
    connection_pool (2.2.5)
    deep_merge (1.2.2)
    diff-lcs (1.5.0)
    docile (1.4.0)
    faraday (2.3.0)
      faraday-net_http (~> 2.0)
      ruby2_keywords (>= 0.0.4)
    faraday-net_http (2.0.3)
    ffi (1.15.5-java)
    google-cloud-env (1.6.0)
      faraday (>= 0.17.3, < 3.0)
    json (2.6.3)
    json (2.6.3-java)
    method_source (1.0.0)
    mock_redis (0.32.0)
      ruby2_keywords
    mustermann (2.0.2)
      ruby2_keywords (~> 0.0.1)
    net-ldap (0.17.1)
    nio4r (2.5.8)
    nio4r (2.5.8-java)
    opentelemetry-api (1.0.2)
    opentelemetry-common (0.19.6)
      opentelemetry-api (~> 1.0)
    opentelemetry-exporter-jaeger (0.20.1)
      opentelemetry-api (~> 1.0)
      opentelemetry-common (~> 0.19.2)
      opentelemetry-sdk (~> 1.0)
      thrift
    opentelemetry-instrumentation-base (0.19.0)
      opentelemetry-api (~> 1.0)
    opentelemetry-instrumentation-concurrent_ruby (0.19.2)
      opentelemetry-api (~> 1.0)
      opentelemetry-instrumentation-base (~> 0.19.0)
    opentelemetry-instrumentation-http_client (0.19.4)
      opentelemetry-api (~> 1.0)
      opentelemetry-common (~> 0.19.3)
      opentelemetry-instrumentation-base (~> 0.19.0)
    opentelemetry-instrumentation-redis (0.21.3)
      opentelemetry-api (~> 1.0)
      opentelemetry-common (~> 0.19.3)
      opentelemetry-instrumentation-base (~> 0.19.0)
    opentelemetry-instrumentation-sinatra (0.19.3)
      opentelemetry-api (~> 1.0)
      opentelemetry-common (~> 0.19.3)
      opentelemetry-instrumentation-base (~> 0.19.0)
    opentelemetry-registry (0.1.0)
      opentelemetry-api (~> 1.0.1)
    opentelemetry-resource_detectors (0.19.1)
      google-cloud-env
      opentelemetry-sdk
    opentelemetry-sdk (1.1.0)
      opentelemetry-api (~> 1.0)
      opentelemetry-common (~> 0.19.3)
      opentelemetry-registry (~> 0.1)
      opentelemetry-semantic_conventions
    opentelemetry-semantic_conventions (1.8.0)
      opentelemetry-api (~> 1.0)
    parallel (1.22.1)
    parser (3.2.1.0)
      ast (~> 2.4.1)
    pickup (0.0.11)
    prometheus-client (2.1.0)
    pry (0.14.1)
      coderay (~> 1.1)
      method_source (~> 1.0)
    pry (0.14.1-java)
      coderay (~> 1.1)
      method_source (~> 1.0)
      spoon (~> 0.0)
    puma (5.6.4)
      nio4r (~> 2.0)
    puma (5.6.4-java)
      nio4r (~> 2.0)
    rack (2.2.4)
    rack-protection (2.2.2)
      rack
    rack-test (2.0.2)
      rack (>= 1.3)
    rainbow (3.1.1)
    rake (13.0.6)
    redis (4.7.1)
    regexp_parser (2.7.0)
    rexml (3.2.5)
    rspec (3.11.0)
      rspec-core (~> 3.11.0)
      rspec-expectations (~> 3.11.0)
      rspec-mocks (~> 3.11.0)
    rspec-core (3.11.0)
      rspec-support (~> 3.11.0)
    rspec-expectations (3.11.0)
      diff-lcs (>= 1.2.0, < 2.0)
      rspec-support (~> 3.11.0)
    rspec-mocks (3.11.1)
      diff-lcs (>= 1.2.0, < 2.0)
      rspec-support (~> 3.11.0)
    rspec-support (3.11.0)
    rubocop (1.47.0)
      json (~> 2.3)
      parallel (~> 1.10)
      parser (>= 3.2.0.0)
      rainbow (>= 2.2.2, < 4.0)
      regexp_parser (>= 1.8, < 3.0)
      rexml (>= 3.2.5, < 4.0)
      rubocop-ast (>= 1.26.0, < 2.0)
      ruby-progressbar (~> 1.7)
      unicode-display_width (>= 2.4.0, < 3.0)
    rubocop-ast (1.27.0)
      parser (>= 3.2.1.0)
    ruby-progressbar (1.13.0)
    ruby2_keywords (0.0.5)
    simplecov (0.21.2)
      docile (~> 1.1)
      simplecov-html (~> 0.11)
      simplecov_json_formatter (~> 0.1)
    simplecov-html (0.12.3)
    simplecov_json_formatter (0.1.4)
    sinatra (2.2.2)
      mustermann (~> 2.0)
      rack (~> 2.2)
      rack-protection (= 2.2.2)
      tilt (~> 2.0)
    spicy-proton (2.1.14)
      bindata (~> 2.3)
    spoon (0.0.6)
      ffi
    statsd-ruby (1.5.0)
    thor (1.2.1)
    thrift (0.16.0)
    tilt (2.0.11)
    unicode-display_width (2.4.2)
    yarjuf (2.0.0)
      builder
      rspec (~> 3)

PLATFORMS
  universal-java-1.8
  universal-java-11
  x86_64-linux

DEPENDENCIES
  climate_control (>= 0.2.0)
  mock_redis (>= 0.17.0)
  pry
  rack-test (>= 0.6)
  rspec (>= 3.2)
  rubocop (~> 1.47.0)
  simplecov (>= 0.11.2)
  thor (~> 1.0, >= 1.0.1)
  vmpooler!
  yarjuf (>= 2.0)

BUNDLED WITH
   2.3.18
