PATH
  remote: .
  specs:
    vmpooler (3.6.0)
      concurrent-ruby (~> 1.1)
      connection_pool (~> 2.4)
      deep_merge (~> 1.2)
      net-ldap (~> 0.16)
      opentelemetry-exporter-jaeger (= 0.23.0)
      opentelemetry-instrumentation-concurrent_ruby (= 0.21.2)
      opentelemetry-instrumentation-http_client (= 0.22.3)
      opentelemetry-instrumentation-redis (= 0.25.3)
      opentelemetry-instrumentation-sinatra (= 0.23.2)
      opentelemetry-resource_detectors (= 0.24.2)
      opentelemetry-sdk (~> 1.3, >= 1.3.0)
      pickup (~> 0.0.11)
      prometheus-client (>= 2, < 5)
      puma (>= 5.0.4, < 7)
      rack (>= 2.2, < 4.0)
      rake (~> 13.0)
      redis (~> 5.0)
      sinatra (>= 2, < 4)
      spicy-proton (~> 2.1)
      statsd-ruby (~> 1.4)

GEM
  remote: https://rubygems.org/
  specs:
    ast (2.4.2)
    base64 (0.2.0)
    bindata (2.4.15)
    builder (3.2.4)
    climate_control (1.2.0)
    coderay (1.1.3)
    concurrent-ruby (1.2.3)
    connection_pool (2.4.1)
    deep_merge (1.2.2)
    diff-lcs (1.5.1)
    docile (1.4.0)
    faraday (2.7.10)
      faraday-net_http (>= 2.0, < 3.1)
      ruby2_keywords (>= 0.0.4)
    faraday-net_http (3.0.2)
    ffi (1.15.5-java)
    google-cloud-env (1.6.0)
      faraday (>= 0.17.3, < 3.0)
    json (2.7.2)
    json (2.7.2-java)
    language_server-protocol (3.17.0.3)
    method_source (1.0.0)
    mock_redis (0.44.0)
    mustermann (3.0.0)
      ruby2_keywords (~> 0.0.1)
    net-ldap (0.19.0)
    nio4r (2.7.0)
    nio4r (2.7.0-java)
    opentelemetry-api (1.2.5)
    opentelemetry-common (0.20.1)
      opentelemetry-api (~> 1.0)
    opentelemetry-exporter-jaeger (0.23.0)
      opentelemetry-api (~> 1.1)
      opentelemetry-common (~> 0.20)
      opentelemetry-sdk (~> 1.2)
      opentelemetry-semantic_conventions
      thrift
    opentelemetry-instrumentation-base (0.22.3)
      opentelemetry-api (~> 1.0)
      opentelemetry-registry (~> 0.1)
    opentelemetry-instrumentation-concurrent_ruby (0.21.2)
      opentelemetry-api (~> 1.0)
      opentelemetry-instrumentation-base (~> 0.22.1)
    opentelemetry-instrumentation-http_client (0.22.3)
      opentelemetry-api (~> 1.0)
      opentelemetry-common (~> 0.20.0)
      opentelemetry-instrumentation-base (~> 0.22.1)
    opentelemetry-instrumentation-rack (0.23.4)
      opentelemetry-api (~> 1.0)
      opentelemetry-common (~> 0.20.0)
      opentelemetry-instrumentation-base (~> 0.22.1)
    opentelemetry-instrumentation-redis (0.25.3)
      opentelemetry-api (~> 1.0)
      opentelemetry-common (~> 0.20.0)
      opentelemetry-instrumentation-base (~> 0.22.1)
    opentelemetry-instrumentation-sinatra (0.23.2)
      opentelemetry-api (~> 1.0)
      opentelemetry-common (~> 0.20.0)
      opentelemetry-instrumentation-base (~> 0.22.1)
      opentelemetry-instrumentation-rack (~> 0.21)
    opentelemetry-registry (0.3.1)
      opentelemetry-api (~> 1.1)
    opentelemetry-resource_detectors (0.24.2)
      google-cloud-env
      opentelemetry-sdk (~> 1.0)
    opentelemetry-sdk (1.4.1)
      opentelemetry-api (~> 1.1)
      opentelemetry-common (~> 0.20)
      opentelemetry-registry (~> 0.2)
      opentelemetry-semantic_conventions
    opentelemetry-semantic_conventions (1.10.0)
      opentelemetry-api (~> 1.0)
    parallel (1.24.0)
    parser (3.3.1.0)
      ast (~> 2.4.1)
      racc
    pickup (0.0.11)
    prometheus-client (4.2.2)
    pry (0.14.2)
      coderay (~> 1.1)
      method_source (~> 1.0)
    pry (0.14.2-java)
      coderay (~> 1.1)
      method_source (~> 1.0)
      spoon (~> 0.0)
    puma (6.4.2)
      nio4r (~> 2.0)
    puma (6.4.2-java)
      nio4r (~> 2.0)
    racc (1.7.3)
    racc (1.7.3-java)
    rack (2.2.9)
    rack-protection (3.2.0)
      base64 (>= 0.1.0)
      rack (~> 2.2, >= 2.2.4)
    rack-test (2.1.0)
      rack (>= 1.3)
    rainbow (3.1.1)
    rake (13.2.1)
    redis (5.2.0)
      redis-client (>= 0.22.0)
    redis-client (0.22.1)
      connection_pool
    regexp_parser (2.9.0)
    rexml (3.2.6)
    rspec (3.13.0)
      rspec-core (~> 3.13.0)
      rspec-expectations (~> 3.13.0)
      rspec-mocks (~> 3.13.0)
    rspec-core (3.13.0)
      rspec-support (~> 3.13.0)
    rspec-expectations (3.13.0)
      diff-lcs (>= 1.2.0, < 2.0)
      rspec-support (~> 3.13.0)
    rspec-mocks (3.13.0)
      diff-lcs (>= 1.2.0, < 2.0)
      rspec-support (~> 3.13.0)
    rspec-support (3.13.0)
    rubocop (1.63.4)
      json (~> 2.3)
      language_server-protocol (>= 3.17.0)
      parallel (~> 1.10)
      parser (>= 3.3.0.2)
      rainbow (>= 2.2.2, < 4.0)
      regexp_parser (>= 1.8, < 3.0)
      rexml (>= 3.2.5, < 4.0)
      rubocop-ast (>= 1.31.1, < 2.0)
      ruby-progressbar (~> 1.7)
      unicode-display_width (>= 2.4.0, < 3.0)
    rubocop-ast (1.31.2)
      parser (>= 3.3.0.4)
    ruby-progressbar (1.13.0)
    ruby2_keywords (0.0.5)
    simplecov (0.22.0)
      docile (~> 1.1)
      simplecov-html (~> 0.11)
      simplecov_json_formatter (~> 0.1)
    simplecov-html (0.12.3)
    simplecov_json_formatter (0.1.4)
    sinatra (3.2.0)
      mustermann (~> 3.0)
      rack (~> 2.2, >= 2.2.4)
      rack-protection (= 3.2.0)
      tilt (~> 2.0)
    spicy-proton (2.1.15)
      bindata (~> 2.3)
    spoon (0.0.6)
      ffi
    statsd-ruby (1.5.0)
    thor (1.3.1)
    thrift (0.18.1)
    tilt (2.3.0)
    unicode-display_width (2.5.0)
    yarjuf (2.0.0)
      builder
      rspec (~> 3)

PLATFORMS
  arm64-darwin-22
  universal-java-11
  x86_64-darwin-22
  x86_64-linux

DEPENDENCIES
  climate_control (>= 0.2.0)
  mock_redis (>= 0.17.0)
  pry
  rack-test (>= 0.6)
  rspec (>= 3.2)
  rubocop (~> 1.63.4)
  simplecov (>= 0.11.2)
  thor (~> 1.0, >= 1.0.1)
  vmpooler!
  yarjuf (>= 2.0)

BUNDLED WITH
   2.4.18
